GIT
  remote: https://github.com/quarter-spiral/oauth2-provider.git
  revision: 5a3add849c4cba541c373ce7aea96bf384761104
  specs:
    songkick-oauth2-provider (0.10.0)
      activerecord
      bcrypt-ruby
      json
      rack

GIT
  remote: https://github.com/quarter-spiral/sinatra_warden.git
  revision: 70d3037017c2ca6f69849e4e1e6deb438f242f16
  specs:
    sinatra_warden (0.3.2)
      sinatra (>= 1.0.0)
      warden (~> 1.0)

PATH
  remote: .
  specs:
    graph-backend (0.0.10)
      auth-client (>= 0.0.6)
      grape (= 0.2.0)
      json (= 1.7.4)
      neography (= 0.0.29)

GEM
  remote: https://rubygems.org/
  remote: https://user:We267RFF7BfwVt4LdqFA@privategems.herokuapp.com/
  specs:
    actionpack (3.2.8)
      activemodel (= 3.2.8)
      activesupport (= 3.2.8)
      builder (~> 3.0.0)
      erubis (~> 2.7.0)
      journey (~> 1.0.4)
      rack (~> 1.4.0)
      rack-cache (~> 1.2)
      rack-test (~> 0.6.1)
      sprockets (~> 2.1.3)
    activemodel (3.2.8)
      activesupport (= 3.2.8)
      builder (~> 3.0.0)
    activerecord (3.2.8)
      activemodel (= 3.2.8)
      activesupport (= 3.2.8)
      arel (~> 3.0.2)
      tzinfo (~> 0.3.29)
    activesupport (3.2.8)
      i18n (~> 0.6)
      multi_json (~> 1.0)
    arel (3.0.2)
    auth-backend (0.0.3)
      activerecord
      bcrypt-ruby
      json
      kaminari
      padrino-helpers
      pg
      sinatra
      sinatra-activerecord
      sinatra-flash
      uuid
    auth-client (0.0.10)
      service-client (>= 0.0.6)
    bcrypt-ruby (3.0.1)
    bcrypt-ruby (3.0.1-java)
    builder (3.0.3)
    daemons (1.1.9)
    erubis (2.7.0)
    eventmachine (1.0.0)
    faraday (0.8.1)
      multipart-post (~> 1.1)
    grape (0.2.0)
      hashie (~> 1.2)
      multi_json
      multi_xml
      rack
      rack-mount
    hashie (1.2.0)
    hike (1.2.1)
    http_router (0.10.2)
      rack (>= 1.0.0)
      url_mount (~> 0.2.1)
    httparty (0.9.0)
      multi_json (~> 1.0)
      multi_xml
    i18n (0.6.1)
    journey (1.0.4)
    json (1.7.4)
    json (1.7.4-java)
    kaminari (0.14.1)
      actionpack (>= 3.0.0)
      activesupport (>= 3.0.0)
    macaddr (1.6.1)
      systemu (~> 2.5.0)
    multi_json (1.3.6)
    multi_xml (0.5.1)
    multipart-post (1.1.5)
    neography (0.0.29)
      httparty (>= 0.8.1)
      json
      multi_json
      os
      rake (>= 0.8.7)
      rubyzip
    os (0.9.6)
    padrino-core (0.10.7)
      activesupport (~> 3.2.0)
      http_router (~> 0.10.2)
      sinatra (~> 1.3.1)
      thor (~> 0.15.2)
      tilt (~> 1.3.0)
    padrino-helpers (0.10.7)
      i18n (~> 0.6)
      padrino-core (= 0.10.7)
    pg (0.14.1)
    rack (1.4.1)
    rack-cache (1.2)
      rack (>= 0.4)
    rack-client (0.4.0)
      rack (>= 1.0.0)
    rack-mount (0.8.3)
      rack (>= 1.0.0)
    rack-protection (1.2.0)
      rack
    rack-test (0.6.2)
      rack (>= 1.0)
    rake (0.9.2.2)
    rubyzip (0.9.9)
    service-client (0.0.7)
      faraday (= 0.8.1)
      json
    sinatra (1.3.3)
      rack (~> 1.3, >= 1.3.6)
      rack-protection (~> 1.2)
      tilt (~> 1.3, >= 1.3.3)
    sinatra-activerecord (1.1.1)
      activerecord (~> 3.0)
      sinatra (~> 1.0)
    sinatra-flash (0.3.0)
      sinatra (>= 1.0.0)
    sprockets (2.1.3)
      hike (~> 1.2)
      rack (~> 1.0)
      tilt (~> 1.1, != 1.3.0)
    sqlite3 (1.3.6)
    systemu (2.5.2)
    thin (1.4.1)
      daemons (>= 1.0.9)
      eventmachine (>= 0.12.6)
      rack (>= 1.0.0)
    thor (0.15.4)
    tilt (1.3.3)
    tzinfo (0.3.33)
    url_mount (0.2.1)
      rack
    uuid (2.3.5)
      macaddr (~> 1.0)
    warden (1.2.1)
      rack (>= 1.0)

PLATFORMS
  java
  ruby

DEPENDENCIES
  auth-backend (~> 0.0.3)
  graph-backend!
  rack-client
  rake
  sinatra_warden!
  songkick-oauth2-provider!
  sqlite3
  thin
  uuid
