GIT
  remote: https://github.com/quarter-spiral/oauth2-provider.git
  revision: 5a3add849c4cba541c373ce7aea96bf384761104
  specs:
    songkick-oauth2-provider (0.10.0)
      activerecord
      bcrypt-ruby
      json
      rack

GIT
  remote: https://github.com/quarter-spiral/sinatra_warden.git
  revision: 70d3037017c2ca6f69849e4e1e6deb438f242f16
  specs:
    sinatra_warden (0.3.2)
      sinatra (>= 1.0.0)
      warden (~> 1.0)

PATH
  remote: .
  specs:
    graph-backend (0.0.28)
      auth-client (>= 0.0.16)
      cache-backend-iron-cache (~> 0.0.4)
      cache-client (~> 0.0.4)
      grape (~> 0.4.0)
      grape_newrelic (~> 0.0.4)
      json (~> 1.7.7)
      neography (= 1.0.9)
      ping-middleware (~> 0.0.2)

GEM
  remote: https://rubygems.org/
  remote: https://user:We267RFF7BfwVt4LdqFA@privategems.herokuapp.com/
  specs:
    actionpack (3.2.13)
      activemodel (= 3.2.13)
      activesupport (= 3.2.13)
      builder (~> 3.0.0)
      erubis (~> 2.7.0)
      journey (~> 1.0.4)
      rack (~> 1.4.5)
      rack-cache (~> 1.2)
      rack-test (~> 0.6.1)
      sprockets (~> 2.2.1)
    activemodel (3.2.13)
      activesupport (= 3.2.13)
      builder (~> 3.0.0)
    activerecord (3.2.13)
      activemodel (= 3.2.13)
      activesupport (= 3.2.13)
      arel (~> 3.0.2)
      tzinfo (~> 0.3.29)
    activesupport (3.2.13)
      i18n (= 0.6.1)
      multi_json (~> 1.0)
    arel (3.0.2)
    auth-backend (0.0.29)
      activerecord (>= 3.2.9)
      bcrypt-ruby
      graph-client (~> 0.0.12)
      json (~> 1.7.7)
      kaminari
      newrelic_rpm
      omniauth (~> 1.1.1)
      omniauth-facebook (~> 1.4.1)
      padrino-helpers
      ping-middleware (~> 0.0.2)
      rack (~> 1.4.5)
      sinatra
      sinatra-activerecord
      sinatra-flash
      thin
      uuid
    auth-client (0.0.16)
      cache-client (~> 0.0.4)
      service-client (>= 0.0.12)
    backports (3.3.3)
    bcrypt-ruby (3.0.1)
    bcrypt-ruby (3.0.1-java)
    builder (3.0.4)
    cache-backend-iron-cache (0.0.4)
      iron_cache (= 1.4.0)
      json (>= 1.7)
    cache-client (0.0.4)
    commander (4.1.3)
      highline (~> 1.6.11)
    daemons (1.1.9)
    descendants_tracker (0.0.1)
    erubis (2.7.0)
    eventmachine (1.0.0)
    faraday (0.8.1)
      multipart-post (~> 1.1)
    grape (0.4.0)
      activesupport
      builder
      hashie (>= 1.2.0)
      multi_json (>= 1.3.2)
      multi_xml (>= 0.5.2)
      rack (>= 1.3.0)
      rack-accept
      rack-mount
      virtus
    grape_newrelic (0.0.4)
      grape (>= 0.2.2)
      newrelic_rpm (>= 3.5.4.33)
    graph-client (0.0.12)
      commander
      service-client (>= 0.0.12)
    hashie (1.2.0)
    highline (1.6.16)
    hike (1.2.1)
    http_router (0.10.2)
      rack (>= 1.0.0)
      url_mount (~> 0.2.1)
    httpauth (0.2.0)
    httpclient (2.3.3)
    i18n (0.6.1)
    iron_cache (1.4.0)
      iron_core (>= 0.5.1)
    iron_core (0.6.2)
      rest (>= 2.2.0)
    journey (1.0.4)
    json (1.7.7)
    jwt (0.1.8)
      multi_json (>= 1.5)
    kaminari (0.14.1)
      actionpack (>= 3.0.0)
      activesupport (>= 3.0.0)
    macaddr (1.6.1)
      systemu (~> 2.5.0)
    mime-types (1.23)
    multi_json (1.7.2)
    multi_xml (0.5.4)
    multipart-post (1.2.0)
    neography (1.0.9)
      httpclient (>= 2.3.3)
      json (>= 1.6.0)
      multi_json (>= 1.3.2)
      os (>= 0.9.6)
      rake (>= 0.8.7)
      rubyzip (>= 0.9.7)
    net-http-persistent (2.8)
    newrelic_rpm (3.6.0.78)
    nokogiri (1.5.5)
    nokogiri (1.5.5-java)
    oauth2 (0.8.1)
      faraday (~> 0.8)
      httpauth (~> 0.1)
      jwt (~> 0.1.4)
      multi_json (~> 1.0)
      rack (~> 1.2)
    omniauth (1.1.3)
      hashie (~> 1.2)
      rack
    omniauth-facebook (1.4.1)
      omniauth-oauth2 (~> 1.1.0)
    omniauth-oauth2 (1.1.1)
      oauth2 (~> 0.8.0)
      omniauth (~> 1.0)
    os (0.9.6)
    padrino-core (0.10.7)
      activesupport (~> 3.2.0)
      http_router (~> 0.10.2)
      sinatra (~> 1.3.1)
      thor (~> 0.15.2)
      tilt (~> 1.3.0)
    padrino-helpers (0.10.7)
      i18n (~> 0.6)
      padrino-core (= 0.10.7)
    ping-middleware (0.0.2)
    rack (1.4.5)
    rack-accept (0.4.5)
      rack (>= 0.4)
    rack-cache (1.2)
      rack (>= 0.4)
    rack-client (0.4.0)
      rack (>= 1.0.0)
    rack-mount (0.8.3)
      rack (>= 1.0.0)
    rack-protection (1.2.0)
      rack
    rack-test (0.6.2)
      rack (>= 1.0)
    rake (10.0.2)
    rest (2.6.3)
      net-http-persistent
      rest-client (>= 0.3.0)
    rest-client (1.6.7)
      mime-types (>= 1.16)
    rubyzip (0.9.9)
    service-client (0.0.12)
      faraday (= 0.8.1)
      json
    sinatra (1.3.3)
      rack (~> 1.3, >= 1.3.6)
      rack-protection (~> 1.2)
      tilt (~> 1.3, >= 1.3.3)
    sinatra-activerecord (1.2.2)
      activerecord (~> 3.0)
      sinatra (~> 1.0)
    sinatra-flash (0.3.0)
      sinatra (>= 1.0.0)
    sprockets (2.2.2)
      hike (~> 1.2)
      multi_json (~> 1.0)
      rack (~> 1.0)
      tilt (~> 1.1, != 1.3.0)
    sqlite3 (1.3.6)
    systemu (2.5.2)
    thin (1.5.0)
      daemons (>= 1.0.9)
      eventmachine (>= 0.12.6)
      rack (>= 1.0.0)
    thor (0.15.4)
    tilt (1.3.3)
    tzinfo (0.3.37)
    url_mount (0.2.1)
      rack
    uuid (2.3.6)
      macaddr (~> 1.0)
    virtus (0.5.5)
      backports (~> 3.3)
      descendants_tracker (~> 0.0.1)
    warden (1.2.1)
      rack (>= 1.0)

PLATFORMS
  java
  ruby

DEPENDENCIES
  auth-backend (~> 0.0.28)
  graph-backend!
  nokogiri
  rack-client
  rake
  sinatra_warden!
  songkick-oauth2-provider!
  sqlite3
  thin
  uuid
